GEM
  remote: https://rubygems.org/
  specs:
    webrick (1.9.1)

PLATFORMS
  ruby

DEPENDENCIES
  webrick (~> 1.9)

BUNDLED WITH
   1.17.2
